{
  "TaskName": "delong",
  "Manufacturer": "Brain Products",
  "PowerLineFrequency": 50,
  "SamplingFrequency": 500.0,
  "SoftwareFilters": "n/a",
  "RecordingDuration": 2550.638,
  "RecordingType": "continuous",
  "EEGReference": "Average of A1/A2 (mastoids)",
  "EEGGround": "n/a",
  "EEGPlacementScheme": "International 10-20/10-05 extended",
  "EEGChannelCount": 62,
  "EOGChannelCount": 2,
  "ECGChannelCount": 0,
  "EMGChannelCount": 0,
  "MiscChannelCount": 0,
  "TriggerChannelCount": 0,
  "TaskDescription": "Sentence reading (RSVP, 2 words/sec, 200 ms word duration + 300 ms blank). Subjects read sentences word-by-word while EEG was recorded. The main experiment (80 items) tested whether readers pre-activate upcoming words by examining N400-like responses to indefinite articles ('a' vs 'an') that precede expected or unexpected nouns.",
  "Instructions": "Read the sentences as they appear on screen and answer yes/no comprehension questions when they occur by pressing the button.",
  "InstitutionName": "University of Kent",
  "InstitutionAddress": "Canterbury, Kent CT2 7NZ, United Kingdom",
  "InstitutionalDepartmentName": "Lab 5 (KENT)",
  "ManufacturersModelName": "BrainVision BrainAmp",
  "CapManufacturer": "n/a",
  "CapManufacturersModelName": "n/a",
  "HardwareFilters": "n/a",
  "SoftwareVersions": "n/a",
  "DeviceSerialNumber": "n/a",
  "SubjectArtefactDescription": "n/a",
  "CogAtlasID": "http://www.cognitiveatlas.org/task/id/trm_4f244f46d84cf",
  "CogPOID": "n/a",
  "OriginalLabCode": "KENT",
  "MISCChannelCount": 0
}
