{
  "TaskName": "delong",
  "Manufacturer": "BioSemi",
  "PowerLineFrequency": 50,
  "SamplingFrequency": 2048.0,
  "SoftwareFilters": "n/a",
  "RecordingDuration": 1977.99951171875,
  "RecordingType": "continuous",
  "EEGReference": "CMS/DRL (BioSemi active reference)",
  "EEGGround": "n/a",
  "EEGPlacementScheme": "BioSemi 64-channel (biosemi64)",
  "EEGChannelCount": 64,
  "EOGChannelCount": 0,
  "ECGChannelCount": 0,
  "EMGChannelCount": 0,
  "MiscChannelCount": 8,
  "TriggerChannelCount": 1,
  "TaskDescription": "Sentence reading (RSVP, 2 words/sec, 200 ms word duration + 300 ms blank). Subjects read sentences word-by-word while EEG was recorded. The main experiment (80 items) tested whether readers pre-activate upcoming words by examining N400-like responses to indefinite articles ('a' vs 'an') that precede expected or unexpected nouns.",
  "Instructions": "Read the sentences as they appear on screen and answer yes/no comprehension questions when they occur by pressing the button.",
  "InstitutionName": "University of Oxford",
  "InstitutionAddress": "Wellington Square, Oxford OX1 2JD, United Kingdom",
  "InstitutionalDepartmentName": "Lab 7 (OXFO)",
  "ManufacturersModelName": "ActiveTwo",
  "CapManufacturer": "n/a",
  "CapManufacturersModelName": "n/a",
  "HardwareFilters": "n/a",
  "SoftwareVersions": "n/a",
  "DeviceSerialNumber": "n/a",
  "SubjectArtefactDescription": "n/a",
  "CogAtlasID": "http://www.cognitiveatlas.org/task/id/trm_4f244f46d84cf",
  "CogPOID": "n/a",
  "OriginalLabCode": "OXFO",
  "MISCChannelCount": 8
}
