{
  "TaskName": "delong",
  "Manufacturer": "BioSemi",
  "PowerLineFrequency": 50,
  "SamplingFrequency": 512.0,
  "SoftwareFilters": "n/a",
  "RecordingDuration": 1877.998046875,
  "RecordingType": "continuous",
  "EEGReference": "CMS/DRL (BioSemi active reference)",
  "EEGGround": "n/a",
  "EEGPlacementScheme": "BioSemi ABCD 128-channel (biosemi128)",
  "EEGChannelCount": 128,
  "EOGChannelCount": 0,
  "ECGChannelCount": 0,
  "EMGChannelCount": 0,
  "MiscChannelCount": 15,
  "TriggerChannelCount": 1,
  "TaskDescription": "Sentence reading (RSVP, 2 words/sec, 200 ms word duration + 300 ms blank). Subjects read sentences word-by-word while EEG was recorded. The main experiment (80 items) tested whether readers pre-activate upcoming words by examining N400-like responses to indefinite articles ('a' vs 'an') that precede expected or unexpected nouns.",
  "Instructions": "Read the sentences as they appear on screen and answer yes/no comprehension questions when they occur by pressing the button.",
  "InstitutionName": "University of Glasgow",
  "InstitutionAddress": "University Avenue, Glasgow G12 8QQ, United Kingdom",
  "InstitutionalDepartmentName": "Lab 4 (GLAS)",
  "ManufacturersModelName": "ActiveTwo",
  "CapManufacturer": "n/a",
  "CapManufacturersModelName": "n/a",
  "HardwareFilters": "n/a",
  "SoftwareVersions": "n/a",
  "DeviceSerialNumber": "n/a",
  "SubjectArtefactDescription": "n/a",
  "CogAtlasID": "http://www.cognitiveatlas.org/task/id/trm_4f244f46d84cf",
  "CogPOID": "n/a",
  "OriginalLabCode": "GLAS",
  "MISCChannelCount": 15
}
