{
  "TaskName": "delong",
  "Manufacturer": "Neuroscan",
  "PowerLineFrequency": 50,
  "SamplingFrequency": 250.0,
  "SoftwareFilters": "n/a",
  "RecordingDuration": 4652.556,
  "RecordingType": "continuous",
  "EEGReference": "As recorded (see original channels)",
  "EEGGround": "n/a",
  "EEGPlacementScheme": "Neuroscan 64-channel quik-cap",
  "EEGChannelCount": 62,
  "EOGChannelCount": 2,
  "ECGChannelCount": 0,
  "EMGChannelCount": 0,
  "MiscChannelCount": 2,
  "TriggerChannelCount": 0,
  "TaskDescription": "Sentence reading (RSVP, 2 words/sec, 200 ms word duration + 300 ms blank). Subjects read sentences word-by-word while EEG was recorded. The main experiment (80 items) tested whether readers pre-activate upcoming words by examining N400-like responses to indefinite articles ('a' vs 'an') that precede expected or unexpected nouns.",
  "Instructions": "Read the sentences as they appear on screen and answer yes/no comprehension questions when they occur by pressing the button.",
  "InstitutionName": "University of Stirling",
  "InstitutionAddress": "Stirling FK9 4LA, United Kingdom",
  "InstitutionalDepartmentName": "Lab 8 (STIR)",
  "ManufacturersModelName": "SynAmps",
  "CapManufacturer": "n/a",
  "CapManufacturersModelName": "n/a",
  "HardwareFilters": "n/a",
  "SoftwareVersions": "n/a",
  "DeviceSerialNumber": "n/a",
  "SubjectArtefactDescription": "n/a",
  "CogAtlasID": "http://www.cognitiveatlas.org/task/id/trm_4f244f46d84cf",
  "CogPOID": "n/a",
  "OriginalLabCode": "STIR",
  "MISCChannelCount": 2
}
